PATH
  remote: .
  specs:
    roaster (0.0.7)
      activerecord (~> 4.2.1)
      activesupport (~> 4.2.1)
      representable (~> 2.0.4)

GEM
  remote: http://rubygems.org/
  specs:
    activemodel (4.2.4)
      activesupport (= 4.2.4)
      builder (~> 3.1)
    activerecord (4.2.4)
      activemodel (= 4.2.4)
      activesupport (= 4.2.4)
      arel (~> 6.0)
    activesupport (4.2.4)
      i18n (~> 0.7)
      json (~> 1.7, >= 1.7.7)
      minitest (~> 5.1)
      thread_safe (~> 0.3, >= 0.3.4)
      tzinfo (~> 1.1)
    arel (6.0.3)
    awesome_print (1.6.1)
    builder (3.2.2)
    byebug (3.5.1)
      columnize (~> 0.8)
      debugger-linecache (~> 1.2)
      slop (~> 3.6)
    columnize (0.9.0)
    database_cleaner (1.5.0)
    debugger-linecache (1.2.0)
    factory_girl (4.5.0)
      activesupport (>= 3.0.0)
    i18n (0.7.0)
    json (1.8.3)
    json_expressions (0.8.3)
    mini_portile (0.6.2)
    minitest (5.8.1)
    multi_json (1.11.2)
    nokogiri (1.6.6.2)
      mini_portile (~> 0.6.0)
    rake (10.4.2)
    representable (2.0.4)
      multi_json
      nokogiri
      uber (~> 0.0.7)
    slop (3.6.0)
    sqlite3 (1.3.11)
    thread_safe (0.3.5)
    tzinfo (1.2.2)
      thread_safe (~> 0.1)
    uber (0.0.15)

PLATFORMS
  ruby

DEPENDENCIES
  awesome_print
  byebug (~> 3.4)
  database_cleaner (~> 1.3)
  factory_girl (~> 4.4)
  json_expressions
  minitest (~> 5.1)
  rake (~> 10.3)
  roaster!
  sqlite3 (~> 1.3)
